GEM
  remote: http://rubygems.org/
  specs:
    aasm (2.1.5)
    actionmailer (2.3.16)
      actionpack (= 2.3.16)
    actionpack (2.3.16)
      activesupport (= 2.3.16)
      rack (~> 1.1.0)
    activerecord (2.3.16)
      activesupport (= 2.3.16)
    activeresource (2.3.16)
      activesupport (= 2.3.16)
    activesupport (2.3.16)
    builder (3.1.4)
    columnize (0.3.2)
    cucumber (1.2.1)
      builder (>= 2.1.2)
      diff-lcs (>= 1.1.3)
      gherkin (~> 2.11.0)
      json (>= 1.4.6)
    diff-lcs (1.2.0)
    faker (0.9.5)
      i18n (~> 0.4)
    gherkin (2.11.5)
      json (>= 1.4.6)
    googlecharts (1.4.0)
    i18n (0.5.0)
    json (1.4.6)
    linecache (0.43)
    machinist (1.0.6)
    mocha (0.9.12)
    mysql (2.8.1)
    nokogiri (1.4.4)
    phocus (1.1)
    rack (1.1.0)
    rails (2.3.16)
      actionmailer (= 2.3.16)
      actionpack (= 2.3.16)
      activerecord (= 2.3.16)
      activeresource (= 2.3.16)
      activesupport (= 2.3.16)
      rake (>= 0.8.3)
    rake (10.0.3)
    rcov (0.9.9)
    rdoc (3.12)
      json (~> 1.4)
    redgreen (1.2.2)
    ruby-debug (0.10.4)
      columnize (>= 0.1)
      ruby-debug-base (~> 0.10.4.0)
    ruby-debug-base (0.10.4)
      linecache (>= 0.3)
    ruby-prof (0.9.1)
    shoulda (2.11.3)
    webrat (0.5.3)
      nokogiri (>= 1.2.0)
      rack (>= 1.0)

PLATFORMS
  ruby

DEPENDENCIES
  aasm
  cucumber
  faker
  googlecharts (~> 1.4.0)
  json
  machinist
  mocha
  mysql
  phocus
  rails (~> 2.3.16)
  rcov
  rdoc
  redgreen
  ruby-debug
  ruby-prof
  shoulda
  webrat (~> 0.5.3)
