GEM
  remote: http://rubygems.org/
  specs:
    aasm (2.1.5)
    actionmailer (2.3.11)
      actionpack (= 2.3.11)
    actionpack (2.3.11)
      activesupport (= 2.3.11)
      rack (~> 1.1.0)
    activerecord (2.3.11)
      activesupport (= 2.3.11)
    activeresource (2.3.11)
      activesupport (= 2.3.11)
    activesupport (2.3.11)
    builder (2.1.2)
    columnize (0.3.2)
    cucumber (0.4.4)
      builder (= 2.1.2)
      diff-lcs (= 1.1.2)
      polyglot (= 0.2.9)
      term-ansicolor (= 1.0.4)
      treetop (= 1.4.2)
    diff-lcs (1.1.2)
    faker (0.9.5)
      i18n (~> 0.4)
    googlecharts (1.4.0)
    i18n (0.5.0)
    json (1.4.6)
    linecache (0.43)
    machinist (1.0.6)
    mocha (0.9.12)
    mysql (2.8.1)
    nokogiri (1.4.4)
    phocus (1.1)
    polyglot (0.2.9)
    rack (1.1.0)
    rails (2.3.11)
      actionmailer (= 2.3.11)
      actionpack (= 2.3.11)
      activerecord (= 2.3.11)
      activeresource (= 2.3.11)
      activesupport (= 2.3.11)
      rake (>= 0.8.3)
    rake (0.8.7)
    rcov (0.9.9)
    redgreen (1.2.2)
    ruby-debug (0.10.4)
      columnize (>= 0.1)
      ruby-debug-base (~> 0.10.4.0)
    ruby-debug-base (0.10.4)
      linecache (>= 0.3)
    ruby-prof (0.9.1)
    shoulda (2.11.3)
    term-ansicolor (1.0.4)
    treetop (1.4.2)
      polyglot (>= 0.2.5)
    webrat (0.5.3)
      nokogiri (>= 1.2.0)
      rack (>= 1.0)

PLATFORMS
  ruby

DEPENDENCIES
  aasm
  cucumber (= 0.4.4)
  faker
  googlecharts (~> 1.4.0)
  json
  machinist
  mocha
  mysql
  phocus
  rails (~> 2.3.5)
  rcov
  redgreen
  ruby-debug
  ruby-prof
  shoulda
  webrat (~> 0.5.3)
