GEM
  remote: https://rubygems.org/
  specs:
    aasm (3.0.16)
    actionmailer (2.3.18)
      actionpack (= 2.3.18)
    actionpack (2.3.18)
      activesupport (= 2.3.18)
      rack (~> 1.1.0)
    activerecord (2.3.18)
      activesupport (= 2.3.18)
    activeresource (2.3.18)
      activesupport (= 2.3.18)
    activesupport (2.3.18)
    builder (3.1.4)
    columnize (0.3.6)
    cucumber (1.2.1)
      builder (>= 2.1.2)
      diff-lcs (>= 1.1.3)
      gherkin (~> 2.11.0)
      json (>= 1.4.6)
    debugger (1.5.0)
      columnize (>= 0.3.1)
      debugger-linecache (~> 1.2.0)
      debugger-ruby_core_source (~> 1.2.0)
    debugger-linecache (1.2.0)
    debugger-ruby_core_source (1.2.0)
    diff-lcs (1.2.0)
    faker (0.9.5)
      i18n (~> 0.4)
    gherkin (2.11.5)
      json (>= 1.4.6)
    googlecharts (1.4.0)
    i18n (0.5.0)
    json (1.4.6)
    machinist (1.0.6)
    minitest (4.7.0)
    minitest-colorize (0.0.5)
      minitest (>= 2.0)
    mocha (0.9.12)
    mysql (2.8.1)
    nokogiri (1.4.4)
    phocus (1.1)
    rack (1.1.0)
    rails (2.3.18)
      actionmailer (= 2.3.18)
      actionpack (= 2.3.18)
      activerecord (= 2.3.18)
      activeresource (= 2.3.18)
      activesupport (= 2.3.18)
      rake (>= 0.8.3)
    rake (10.0.4)
    rcov (0.9.9)
    rdoc (3.12)
      json (~> 1.4)
    ruby-prof (0.9.1)
    shoulda (2.11.3)
    webrat (0.5.3)
      nokogiri (>= 1.2.0)
      rack (>= 1.0)

PLATFORMS
  ruby

DEPENDENCIES
  aasm
  cucumber
  debugger
  faker
  googlecharts (~> 1.4.0)
  json
  machinist
  minitest-colorize
  mocha
  mysql
  phocus
  rails (~> 2.3.18)
  rcov
  rdoc
  ruby-prof
  shoulda
  webrat (~> 0.5.3)
